GEM
  remote: https://rubygems.org/
  specs:
    addressable (2.5.2)
      public_suffix (>= 2.0.2, < 4.0)
    builder (3.2.3)
    css_parser (1.6.0)
      addressable
    htmlentities (4.3.4)
    mustache (1.1.0)
    public_suffix (3.0.3)
    rdiscount (2.2.0.1)

PLATFORMS
  ruby

DEPENDENCIES
  builder (~> 3.2)
  css_parser (~> 1.3)
  htmlentities (~> 4.3)
  mustache (~> 1.0)
  rdiscount (~> 2.1)

BUNDLED WITH
   1.17.1
