GEM
  remote: https://rubygems.org/
  specs:
    addressable (2.3.5)
    builder (3.0.0)
    css_parser (1.3.5)
      addressable
    json (1.6.1)
    mini_portile (0.5.2)
    mustache (0.99.4)
    nokogiri (1.6.1)
      mini_portile (~> 0.5.0)
    rdiscount (1.6.8)

PLATFORMS
  ruby

DEPENDENCIES
  builder
  css_parser
  json
  mustache
  nokogiri
  rdiscount
